ObjectType = Image
NDims = 3
BinaryData = True
BinaryDataByteOrderMSB = False
CompressedData = True
CompressedDataSize = 376119
TransformMatrix = 1 0 0 0 1 0 0 0 1
Offset = 0 0 0
CenterOfRotation = 0 0 0
AnatomicalOrientation = RAI
ElementSpacing = 0.48828100000000002 0.48828100000000002 2.5
DimSize = 512 512 64
ElementType = MET_INT
ElementDataFile = output_resultsTEV1P1S.zraw
